PATH
  remote: .
  specs:
    bonusly_dashboard (1.0.0)
      font-awesome-sass (>= 4.6.2)

GEM
  remote: https://rubygems.org/
  specs:
    ffi (1.10.0)
    font-awesome-sass (5.8.1)
      sassc (>= 1.11)
    rake (12.3.2)
    sassc (2.0.1)
      ffi (~> 1.9)
      rake

PLATFORMS
  ruby

DEPENDENCIES
  bonusly_dashboard!

BUNDLED WITH
   1.17.3
