PATH
  remote: .
  specs:
    bonusly_dashboard (0.1.07)

GEM
  remote: https://rubygems.org/
  specs:

PLATFORMS
  ruby

DEPENDENCIES
  bonusly_dashboard!

BUNDLED WITH
   1.12.5
