PATH
  remote: .
  specs:
    bonusly_dashboard (0.1.23)
      font-awesome-sass (>= 4.6.2)

GEM
  remote: https://rubygems.org/
  specs:
    font-awesome-sass (4.6.2)
      sass (>= 3.2)
    sass (3.4.22)

PLATFORMS
  ruby

DEPENDENCIES
  bonusly_dashboard!

BUNDLED WITH
   1.12.5
