PATH
  remote: .
  specs:
    bonusly_dashboard (1.0.2)
      font-awesome-sass (>= 4.6.2)

GEM
  remote: https://rubygems.org/
  specs:
    ffi (1.13.1)
    font-awesome-sass (5.15.1)
      sassc (>= 1.11)
    sassc (2.4.0)
      ffi (~> 1.9)

PLATFORMS
  ruby

DEPENDENCIES
  bonusly_dashboard!

BUNDLED WITH
   1.17.3
