PATH
  remote: .
  specs:
    bonusly_dashboard (0.1.33)
      font-awesome-sass (>= 4.6.2)
      secure_headers

GEM
  remote: https://rubygems.org/
  specs:
    font-awesome-sass (4.7.0)
      sass (>= 3.2)
    sass (3.4.22)
    secure_headers (3.5.1)
      useragent
    useragent (0.16.8)

PLATFORMS
  ruby

DEPENDENCIES
  bonusly_dashboard!

BUNDLED WITH
   1.12.5
