PATH
  remote: .
  specs:
    bonusly_dashboard (0.2.0)
      font-awesome-sass (>= 4.6.2)
      secure_headers

GEM
  remote: https://rubygems.org/
  specs:
    ffi (1.9.18)
    font-awesome-sass (4.7.0)
      sass (>= 3.2)
    rb-fsevent (0.10.2)
    rb-inotify (0.9.10)
      ffi (>= 0.5.0, < 2)
    sass (3.5.2)
      sass-listen (~> 4.0.0)
    sass-listen (4.0.0)
      rb-fsevent (~> 0.9, >= 0.9.4)
      rb-inotify (~> 0.9, >= 0.9.7)
    secure_headers (5.0.1)
      useragent (>= 0.15.0)
    useragent (0.16.8)

PLATFORMS
  ruby

DEPENDENCIES
  bonusly_dashboard!

BUNDLED WITH
   1.15.4
