PATH
  remote: .
  specs:

GEM
  remote: https://rubygems.org/
  specs:

PLATFORMS
  ruby

DEPENDENCIES
  bonusly_dashboard!

BUNDLED WITH
   1.12.5
